PATH
  remote: .
  specs:
    zorglub (0.0.5)
      rack

GEM
  remote: http://rubygems.org/
  specs:
    diff-lcs (1.1.3)
    haml (3.1.6)
    rack (1.4.1)
    rake (0.9.2.2)
    rspec (2.10.0)
      rspec-core (~> 2.10.0)
      rspec-expectations (~> 2.10.0)
      rspec-mocks (~> 2.10.0)
    rspec-core (2.10.1)
    rspec-expectations (2.10.0)
      diff-lcs (~> 1.1.3)
    rspec-mocks (2.10.1)
    sass (3.1.19)

PLATFORMS
  ruby

DEPENDENCIES
  haml
  rake
  rspec
  sass
  zorglub!
