PATH
  remote: .
  specs:
    zorglub (0.0.8)

GEM
  remote: http://rubygems.org/
  specs:
    diff-lcs (1.2.5)
    haml (4.0.5)
      tilt
    rack (1.5.2)
    rake (10.1.1)
    rspec (2.14.1)
      rspec-core (~> 2.14.0)
      rspec-expectations (~> 2.14.0)
      rspec-mocks (~> 2.14.0)
    rspec-core (2.14.7)
    rspec-expectations (2.14.5)
      diff-lcs (>= 1.1.3, < 2.0)
    rspec-mocks (2.14.5)
    sass (3.2.14)
    tilt (2.0.0)

PLATFORMS
  ruby

DEPENDENCIES
  haml
  rack
  rake
  rspec
  sass
  zorglub!
