PATH
  remote: .
  specs:
    zorglub (0.1.8)

GEM
  remote: http://rubygems.org/
  specs:
    bigdecimal (3.2.2)
    coveralls (0.8.23)
      json (>= 1.8, < 3)
      simplecov (~> 0.16.1)
      term-ansicolor (~> 1.3)
      thor (>= 0.19.4, < 2.0)
      tins (~> 1.6)
    diff-lcs (1.6.2)
    docile (1.4.1)
    ffi (1.17.2)
    haml (6.3.0)
      temple (>= 0.8.2)
      thor
      tilt
    json (2.13.2)
    rack (3.2.0)
    rake (13.3.0)
    rspec (3.13.1)
      rspec-core (~> 3.13.0)
      rspec-expectations (~> 3.13.0)
      rspec-mocks (~> 3.13.0)
    rspec-core (3.13.5)
      rspec-support (~> 3.13.0)
    rspec-expectations (3.13.5)
      diff-lcs (>= 1.2.0, < 2.0)
      rspec-support (~> 3.13.0)
    rspec-mocks (3.13.5)
      diff-lcs (>= 1.2.0, < 2.0)
      rspec-support (~> 3.13.0)
    rspec-support (3.13.5)
    sassc (2.4.0)
      ffi (~> 1.9)
    simplecov (0.16.1)
      docile (~> 1.1)
      json (>= 1.8, < 3)
      simplecov-html (~> 0.10.0)
    simplecov-html (0.10.2)
    sync (0.5.0)
    temple (0.10.4)
    term-ansicolor (1.11.2)
      tins (~> 1.0)
    thor (1.4.0)
    tilt (2.6.1)
    tins (1.42.0)
      bigdecimal
      sync

PLATFORMS
  ruby

DEPENDENCIES
  coveralls
  haml
  rack
  rake
  rspec
  sassc
  zorglub!

BUNDLED WITH
   2.7.1
